GEM
  remote: https://rubygems.org/
  specs:
    backports (3.11.3)
    multi_json (1.13.1)
    mustermann (1.0.2)
    pg (1.0.0)
    puma (3.11.2)
    rack (2.0.5)
    rack-contrib (2.0.1)
      rack (~> 2.0)
    rack-protection (2.0.1)
      rack
    rack-test (1.0.0)
      rack (>= 1.0, < 3)
    racksh (1.0.0)
      rack (>= 1.0)
      rack-test (>= 0.5)
    require_all (1.4.0)
    sequel (5.9.0)
    sinatra (2.0.1)
      mustermann (~> 1.0)
      rack (~> 2.0)
      rack-protection (= 2.0.1)
      tilt (~> 2.0)
    sinatra-contrib (2.0.1)
      backports (>= 2.0)
      multi_json
      mustermann (~> 1.0)
      rack-protection (= 2.0.1)
      sinatra (= 2.0.1)
      tilt (>= 1.3, < 3)
    sinatra-param (1.5.0)
      sinatra (>= 1.3)
    tilt (2.0.8)

PLATFORMS
  ruby

DEPENDENCIES
  pg
  puma
  rack-contrib
  racksh
  require_all
  sequel
  sinatra
  sinatra-contrib
  sinatra-param

BUNDLED WITH
   1.16.1
